GEM
  remote: http://rubygems.org/
  specs:
    ZenTest (4.6.0)
    activerecord (2.3.11)
      activesupport (= 2.3.11)
    activesupport (2.3.11)
    archive-tar-minitar (0.5.2)
    autotest (4.4.6)
      ZenTest (>= 4.4.1)
    autotest-growl (0.2.9)
    backports (2.3.0)
    columnize (0.3.4)
    diff-lcs (1.1.2)
    haml (3.1.1)
    linecache19 (0.5.12)
      ruby_core_source (>= 0.1.4)
    monkey-lib (0.5.4)
      backports
    rack (1.2.2)
    rack-test (0.6.1)
      rack (>= 1.0)
    rake (0.8.7)
    rspec (2.5.0)
      rspec-core (~> 2.5.0)
      rspec-expectations (~> 2.5.0)
      rspec-mocks (~> 2.5.0)
    rspec-core (2.5.2)
    rspec-expectations (2.5.0)
      diff-lcs (~> 1.1.2)
    rspec-mocks (2.5.0)
    ruby-debug-base19 (0.11.25)
      columnize (>= 0.3.1)
      linecache19 (>= 0.5.11)
      ruby_core_source (>= 0.1.4)
    ruby-debug19 (0.11.6)
      columnize (>= 0.3.1)
      linecache19 (>= 0.5.11)
      ruby-debug-base19 (>= 0.11.19)
    ruby_core_source (0.1.5)
      archive-tar-minitar (>= 0.5.2)
    simplecov (0.4.2)
      simplecov-html (~> 0.4.4)
    simplecov-html (0.4.5)
    sinatra (1.2.6)
      rack (~> 1.1)
      tilt (>= 1.2.2, < 2.0)
    sinatra-activerecord (0.1.3)
      sinatra (>= 0.9.4)
    sinatra-advanced-routes (0.5.1)
      monkey-lib (~> 0.5.0)
      sinatra (~> 1.0)
      sinatra-sugar (~> 0.5.0)
    sinatra-reloader (0.5.0)
      sinatra (~> 1.0)
      sinatra-advanced-routes (~> 0.5.0)
    sinatra-sugar (0.5.1)
      monkey-lib (~> 0.5.0)
      sinatra (~> 1.0)
    sqlite3 (1.3.3)
    sqlite3-ruby (1.3.3)
      sqlite3 (>= 1.3.3)
    tilt (1.3)

PLATFORMS
  ruby

DEPENDENCIES
  activerecord (<= 2.3.11)
  autotest
  autotest-growl
  haml
  rack-test
  rake
  rspec
  rspec-core
  ruby-debug19
  simplecov (>= 0.4.2)
  sinatra
  sinatra-activerecord
  sinatra-reloader
  sqlite3-ruby
